GEM
  remote: https://rubygems.org/
  specs:
    columnize (0.3.6)
    debugger (1.6.0)
      columnize (>= 0.3.1)
      debugger-linecache (~> 1.2.0)
      debugger-ruby_core_source (~> 1.2.1)
    debugger-linecache (1.2.0)
    debugger-ruby_core_source (1.2.2)
    potracer (1.1.2)
    rmagick (2.13.2)

PLATFORMS
  ruby

DEPENDENCIES
  debugger
  potracer
  rmagick
